PATH
  remote: .
  specs:
    easy_json_matcher (0.3.1)
      dry-auto_inject (~> 0.3)
      dry-container (~> 0.3)

GEM
  remote: https://rubygems.org/
  specs:
    activesupport (4.2.5.2)
      i18n (~> 0.7)
      json (~> 1.7, >= 1.7.7)
      minitest (~> 5.1)
      thread_safe (~> 0.3, >= 0.3.4)
      tzinfo (~> 1.1)
    byebug (8.2.2)
    concurrent-ruby (1.0.2)
    debug_inspector (0.0.2)
    dry-auto_inject (0.3.0)
      dry-container (~> 0.3.4)
    dry-configurable (0.1.6)
      concurrent-ruby (~> 1.0)
    dry-container (0.3.4)
      concurrent-ruby (~> 1.0)
      dry-configurable (~> 0.1, >= 0.1.3)
    i18n (0.7.0)
    json (1.8.3)
    metaclass (0.0.4)
    minitest (5.8.4)
    mocha (1.1.0)
      metaclass (~> 0.0.1)
    pretty_backtrace (0.1.3)
      debug_inspector (~> 0.0.1)
    rake (11.1.1)
    rdoc (4.2.2)
      json (~> 1.4)
    thread_safe (0.3.5)
    tzinfo (1.2.2)
      thread_safe (~> 0.1)

PLATFORMS
  ruby

DEPENDENCIES
  activesupport
  byebug
  easy_json_matcher!
  mocha
  pretty_backtrace
  rake
  rdoc

BUNDLED WITH
   1.11.2
