PATH
  remote: .
  specs:
    easy_json_matcher (0.5.0)
      dry-auto_inject (~> 0.3.0)
      dry-container (~> 0.3.0)

GEM
  remote: https://rubygems.org/
  specs:
    activesupport (5.1.2)
      concurrent-ruby (~> 1.0, >= 1.0.2)
      i18n (~> 0.7)
      minitest (~> 5.1)
      tzinfo (~> 1.1)
    byebug (9.0.6)
    concurrent-ruby (1.0.5)
    debug_inspector (0.0.3)
    dry-auto_inject (0.3.0)
      dry-container (~> 0.3.4)
    dry-configurable (0.7.0)
      concurrent-ruby (~> 1.0)
    dry-container (0.3.4)
      concurrent-ruby (~> 1.0)
      dry-configurable (~> 0.1, >= 0.1.3)
    i18n (0.8.4)
    metaclass (0.0.4)
    minitest (5.10.2)
    mocha (1.2.1)
      metaclass (~> 0.0.1)
    pretty_backtrace (0.1.3)
      debug_inspector (~> 0.0.1)
    rake (12.0.0)
    rdoc (5.1.0)
    thread_safe (0.3.6)
    tzinfo (1.2.3)
      thread_safe (~> 0.1)

PLATFORMS
  ruby

DEPENDENCIES
  activesupport
  byebug
  easy_json_matcher!
  mocha
  pretty_backtrace
  rake
  rdoc

BUNDLED WITH
   1.16.0
